PATH
  remote: .
  specs:
    iron_worker_ng (0.15.0)
      bundler (>= 1.2.0)
      iron_core (>= 0.5.1)
      rubyzip (>= 0.9.9)

GEM
  remote: https://rubygems.org/
  specs:
    actionmailer (2.3.15)
      actionpack (= 2.3.15)
    actionpack (2.3.15)
      activesupport (= 2.3.15)
      rack (~> 1.1.3)
    activesupport (2.3.15)
    ansi (1.4.3)
    builder (3.1.4)
    faraday (0.8.4)
      multipart-post (~> 1.1)
    hashie (1.2.0)
    iron_cache (1.3.0)
      iron_core (>= 0.5.1)
    iron_core (0.5.1)
      rest (>= 2.2.0)
    mime-types (1.19)
    minitest (4.4.0)
    minitest-reporters (0.14.3)
      ansi
      builder
      minitest (>= 2.12, < 5.0)
      powerbar
    multi_json (1.5.0)
    multipart-post (1.1.5)
    net-http-persistent (2.8)
    powerbar (1.0.11)
      ansi (~> 1.4.0)
      hashie (>= 1.1.0)
    rack (1.1.5)
    rake (10.0.3)
    rest (2.2.0)
      net-http-persistent
      rest-client (>= 0.3.0)
    rest-client (1.6.7)
      mime-types (>= 1.16)
    rubyzip (0.9.9)
    simple_oauth (0.2.0)
    test-unit (2.5.3)
    twitter (4.4.4)
      faraday (~> 0.8, < 0.10)
      multi_json (~> 1.0)
      simple_oauth (~> 0.2)

PLATFORMS
  ruby

DEPENDENCIES
  actionmailer
  iron_cache (>= 1.3.0)
  iron_worker_ng!
  minitest
  minitest-reporters (>= 0.5.0)
  rake
  test-unit
  twitter
