PATH
  remote: .
  specs:
    iron_worker_ng (1.0.4)
      bundler
      iron_core (>= 1.0.0)
      rubyzip (= 0.9.9)

GEM
  remote: https://rubygems.org/
  specs:
    actionmailer (2.3.18)
      actionpack (= 2.3.18)
    actionpack (2.3.18)
      activesupport (= 2.3.18)
      rack (~> 1.1.0)
    activesupport (2.3.18)
    ansi (1.4.3)
    atomic (1.1.14)
    buftok (0.1)
    builder (3.2.2)
    concur (2.1.1)
    descendants_tracker (0.0.3)
    equalizer (0.0.7)
    faraday (0.8.8)
      multipart-post (~> 1.2.0)
    go (1.1.0)
      concur
    hashie (2.0.5)
    http (0.5.0)
      http_parser.rb
    http_parser.rb (0.5.3)
    iron_cache (1.4.0)
      iron_core (>= 0.5.1)
    iron_core (1.0.1)
      rest (>= 2.2.0)
    json (1.8.1)
    memoizable (0.2.0)
      thread_safe (~> 0.1.3)
    mime-types (2.0)
    minitest (4.7.5)
    minitest-reporters (0.14.23)
      ansi
      builder
      minitest (>= 2.12, < 5.0)
      powerbar
    multipart-post (1.2.0)
    net-http-persistent (2.9)
    powerbar (1.0.11)
      ansi (~> 1.4.0)
      hashie (>= 1.1.0)
    rack (1.1.6)
    rake (10.1.0)
    rest (2.6.3)
      net-http-persistent
      rest-client (>= 0.3.0)
    rest-client (1.6.7)
      mime-types (>= 1.16)
    rubyzip (0.9.9)
    simple_oauth (0.2.0)
    test-unit (2.5.5)
    thread_safe (0.1.3)
      atomic
    twitter (5.0.0)
      buftok (~> 0.1.0)
      descendants_tracker (~> 0.0.1)
      equalizer (~> 0.0.7)
      faraday (>= 0.8, < 0.10)
      http (~> 0.5.0)
      http_parser.rb (~> 0.5.0)
      json (~> 1.8)
      memoizable (~> 0.2.0)
      simple_oauth (~> 0.2.0)

PLATFORMS
  ruby

DEPENDENCIES
  actionmailer
  go
  iron_cache (>= 1.4.0)
  iron_worker_ng!
  minitest
  minitest-reporters (>= 0.5.0)
  rake
  test-unit
  twitter
