PATH
  remote: .
  specs:
    iron_worker_ng (0.10.2)
      iron_core (>= 0.4.2)
      zip

GEM
  remote: https://rubygems.org/
  specs:
    iron_core (0.4.2)
      rest (>= 2.0.2)
    mime-types (1.19)
    net-http-persistent (2.7)
    rake (0.9.2.2)
    rest (2.0.2)
      net-http-persistent
      rest-client (>= 0.3.0)
    rest-client (1.6.7)
      mime-types (>= 1.16)
    test-unit (2.5.1)
    zip (2.0.2)

PLATFORMS
  ruby

DEPENDENCIES
  iron_worker_ng!
  rake
  test-unit
