PATH
  remote: .
  specs:
    iron_worker_ng (0.14.0)
      bundler (>= 1.2.0)
      iron_core (>= 0.4.2)
      rubyzip (>= 0.9.9)

GEM
  remote: https://rubygems.org/
  specs:
    ansi (1.4.3)
    builder (3.1.4)
    hashie (1.2.0)
    iron_core (0.4.4)
      rest (>= 2.1.1)
    mime-types (1.19)
    minitest (4.3.3)
    minitest-reporters (0.13.1)
      ansi
      builder
      minitest (>= 2.12, < 5.0)
      powerbar
    net-http-persistent (2.8)
    powerbar (1.0.11)
      ansi (~> 1.4.0)
      hashie (>= 1.1.0)
    rake (10.0.2)
    rest (2.1.1)
      net-http-persistent
      rest-client (>= 0.3.0)
    rest-client (1.6.7)
      mime-types (>= 1.16)
    rubyzip (0.9.9)
    test-unit (2.5.3)

PLATFORMS
  ruby

DEPENDENCIES
  iron_worker_ng!
  minitest
  minitest-reporters (>= 0.5.0)
  rake
  test-unit
