PATH
  remote: .
  specs:
    iron_worker_ng (0.14.0)
      bundler (>= 1.2.0)
      iron_core (>= 0.4.2)
      rubyzip (>= 0.9.9)

GEM
  remote: https://rubygems.org/
  specs:
    actionmailer (2.3.14)
      actionpack (= 2.3.14)
    actionpack (2.3.14)
      activesupport (= 2.3.14)
      rack (~> 1.1.0)
    activesupport (2.3.14)
    ansi (1.4.3)
    builder (3.1.4)
    faraday (0.8.4)
      multipart-post (~> 1.1)
    hashie (1.2.0)
    iron_cache (1.3.0)
      iron_core (>= 0.4.2)
    iron_core (0.4.3)
      rest (>= 2.0.2)
    mime-types (1.19)
    minitest (4.2.0)
    minitest-reporters (0.12.2)
      ansi
      builder
      minitest (>= 2.12, < 5.0)
      powerbar
    multi_json (1.3.6)
    multipart-post (1.1.5)
    net-http-persistent (2.8)
    powerbar (1.0.11)
      ansi (~> 1.4.0)
      hashie (>= 1.1.0)
    rack (1.1.3)
    rake (10.0.1)
    rest (2.1.1)
      net-http-persistent
      rest-client (>= 0.3.0)
    rest-client (1.6.7)
      mime-types (>= 1.16)
    rubyzip (0.9.9)
    simple_oauth (0.1.9)
    test-unit (2.5.2)
    twitter (4.3.0)
      faraday (~> 0.8)
      multi_json (~> 1.3)
      simple_oauth (~> 0.1.6)

PLATFORMS
  ruby

DEPENDENCIES
  actionmailer
  iron_cache
  iron_worker_ng!
  minitest
  minitest-reporters (>= 0.5.0)
  rake
  test-unit
  twitter
