PATH
  remote: .
  specs:
    iron_worker_ng (0.11.0)
      bundler (>= 1.0.0)
      iron_core (>= 0.4.2)
      zip

GEM
  remote: https://rubygems.org/
  specs:
    ansi (1.4.3)
    builder (3.0.0)
    hashie (1.2.0)
    iron_core (0.4.2)
      rest (>= 2.0.2)
    mime-types (1.19)
    minitest (3.4.0)
    minitest-reporters (0.10.2)
      ansi
      builder
      minitest (>= 2.12, < 4.0)
      powerbar
    net-http-persistent (2.7)
    powerbar (1.0.8)
      ansi (~> 1.4.0)
      hashie (>= 1.1.0)
    rake (0.9.2.2)
    rest (2.0.2)
      net-http-persistent
      rest-client (>= 0.3.0)
    rest-client (1.6.7)
      mime-types (>= 1.16)
    test-unit (2.5.2)
    zip (2.0.2)

PLATFORMS
  ruby

DEPENDENCIES
  iron_worker_ng!
  minitest
  minitest-reporters (>= 0.5.0)
  rake
  test-unit
